GEM
  remote: https://rubygems.org/
  specs:
    http.rb (0.11.1)
    metaclass (0.0.4)
    mini_portile2 (2.3.0)
    minitest (5.10.3)
    minitest-spec-context (0.0.3)
    mocha (1.3.0)
      metaclass (~> 0.0.1)
    nokogiri (1.8.1)
      mini_portile2 (~> 2.3.0)

PLATFORMS
  ruby

DEPENDENCIES
  http.rb (= 0.11.1)
  minitest
  minitest-spec-context
  mocha
  nokogiri

BUNDLED WITH
   1.16.0.pre.2
