GEM
  remote: https://rubygems.org/
  specs:
    addressable (2.5.2)
      public_suffix (>= 2.0.2, < 4.0)
    crack (0.4.3)
      safe_yaml (~> 1.0.0)
    hashdiff (0.3.6)
    http.rb (0.11.1)
    metaclass (0.0.4)
    mini_portile2 (2.3.0)
    minitest (5.10.3)
    minitest-spec-context (0.0.3)
    mocha (1.3.0)
      metaclass (~> 0.0.1)
    nokogiri (1.8.1)
      mini_portile2 (~> 2.3.0)
    public_suffix (3.0.0)
    safe_yaml (1.0.4)
    webmock (3.0.1)
      addressable (>= 2.3.6)
      crack (>= 0.3.2)
      hashdiff

PLATFORMS
  ruby

DEPENDENCIES
  http.rb
  minitest
  minitest-spec-context
  mocha
  nokogiri
  webmock

BUNDLED WITH
   1.16.0.pre.2
